NUGET
  remote: https://nuget.org/api/v2
  specs:
    FAKE (3.14.4)
    FsCheck (0.9.1.0)
    FSharp.Charting (0.90.9)
    FSharp.Compiler.Service (0.0.82)
    FSharp.Data (2.1.1)
      Zlib.Portable (>= 1.10.0)
    FSharp.Formatting (2.6.2)
      FSharp.Compiler.Service (>= 0.0.81)
    MathNet.Numerics (3.5.0)
      TaskParallelLibrary (>= 1.0.2856) - >= net35 < net40
    NuGet.CommandLine (2.8.3)
    NUnit (2.6.4)
    NUnit.Runners (2.6.4)
    R.NET.Community (1.5.16)
    R.NET.Community.FSharp (0.1.9)
      R.NET.Community (>= 1.5.16)
    RProvider (1.1.6)
      R.NET.Community (1.5.16)
      R.NET.Community.FSharp (0.1.9)
    TaskParallelLibrary (1.0.2856.0) - >= net35 < net40
    Zlib.Portable (1.10.0)
GITHUB
  remote: fsharp/FSharp.Data
  specs:
    src/CommonRuntime/StructuralInference.fs (eb25a7c42f1921277a802cd28551c50324bda295)
    src/CommonRuntime/StructuralTypes.fs (eb25a7c42f1921277a802cd28551c50324bda295)
    src/CommonRuntime/TextConversions.fs (eb25a7c42f1921277a802cd28551c50324bda295)
    src/CommonRuntime/TextRuntime.fs (eb25a7c42f1921277a802cd28551c50324bda295)
    src/Csv/CsvFile.fs (eb25a7c42f1921277a802cd28551c50324bda295)
    src/Csv/CsvInference.fs (eb25a7c42f1921277a802cd28551c50324bda295)
    src/Csv/CsvRuntime.fs (eb25a7c42f1921277a802cd28551c50324bda295)